NRRD0001
dimension: 3
type: float
sizes: 33 33 33
spacings: 0.0625 0.0625 0.0625
endian: big
data file: case-10.1.raw
encoding: raw
